PATH
  remote: .
  specs:
    multi_factor_auth (0.1.0)
      base32 (~> 0.3.2)
      rotp (~> 3.1.0)
      rqrcode (~> 0.10.1)

GEM
  remote: https://rubygems.org/
  specs:
    awesome_print (1.7.0)
    base32 (0.3.2)
    chunky_png (1.3.6)
    coderay (1.1.1)
    method_source (0.8.2)
    minitest (5.9.0)
    pry (0.10.4)
      coderay (~> 1.1.0)
      method_source (~> 0.8.1)
      slop (~> 3.4)
    rake (10.5.0)
    rotp (3.1.0)
    rqrcode (0.10.1)
      chunky_png (~> 1.0)
    slop (3.6.0)

PLATFORMS
  ruby

DEPENDENCIES
  awesome_print
  bundler (~> 1.12)
  minitest (~> 5.0)
  multi_factor_auth!
  pry
  rake (~> 10.0)

BUNDLED WITH
   1.12.5
